GEM
  remote: https://rubygems.org/
  specs:
    addressable (2.7.0)
      public_suffix (>= 2.0.2, < 5.0)
    ast (2.4.0)
    binding_of_caller (0.8.0)
      debug_inspector (>= 0.0.1)
    coderay (1.1.2)
    debug_inspector (0.0.3)
    diff-lcs (1.3)
    faraday (0.9.2)
      multipart-post (>= 1.2, < 3)
    fauna (3.0.0)
      faraday (~> 0.9.0)
      json (~> 1.8)
      net-http-persistent (~> 2.9)
    ffi (1.11.3)
    formatador (0.2.5)
    guard (2.16.1)
      formatador (>= 0.2.4)
      listen (>= 2.7, < 4.0)
      lumberjack (>= 1.0.12, < 2.0)
      nenv (~> 0.1)
      notiffany (~> 0.0)
      pry (>= 0.9.12)
      shellany (~> 0.0)
      thor (>= 0.18.1)
    guard-compat (1.2.1)
    guard-rspec (4.7.3)
      guard (~> 2.1)
      guard-compat (~> 1.1)
      rspec (>= 2.99.0, < 4.0)
    htmldiff (0.0.1)
    jaro_winkler (1.5.4)
    json (1.8.6)
    listen (3.2.0)
      rb-fsevent (~> 0.10, >= 0.10.3)
      rb-inotify (~> 0.9, >= 0.9.10)
    lumberjack (1.0.13)
    mailgun (0.11)
    method_source (0.9.2)
    multipart-post (2.1.1)
    nenv (0.3.0)
    net-http-persistent (2.9.4)
    notiffany (0.1.3)
      nenv (~> 0.1)
      shellany (~> 0.0)
    parallel (1.19.1)
    parser (2.6.5.0)
      ast (~> 2.4.0)
    pry (0.12.2)
      coderay (~> 1.1.0)
      method_source (~> 0.9.0)
    pry-moves (0.1.12)
      binding_of_caller (~> 0.7)
      pry (>= 0.10.4, < 1)
    public_suffix (4.0.1)
    rainbow (3.0.0)
    rake (13.0.1)
    rb-fsevent (0.10.3)
    rb-inotify (0.10.0)
      ffi (~> 1.0)
    rex-mime (0.1.5)
      rex-text
    rex-text (0.2.24)
    rspec (3.9.0)
      rspec-core (~> 3.9.0)
      rspec-expectations (~> 3.9.0)
      rspec-mocks (~> 3.9.0)
    rspec-core (3.9.0)
      rspec-support (~> 3.9.0)
    rspec-expectations (3.9.0)
      diff-lcs (>= 1.2.0, < 2.0)
      rspec-support (~> 3.9.0)
    rspec-mocks (3.9.0)
      diff-lcs (>= 1.2.0, < 2.0)
      rspec-support (~> 3.9.0)
    rspec-support (3.9.0)
    rubocop (0.77.0)
      jaro_winkler (~> 1.5.1)
      parallel (~> 1.10)
      parser (>= 2.6)
      rainbow (>= 2.2.2, < 4.0)
      ruby-progressbar (~> 1.7)
      unicode-display_width (>= 1.4.0, < 1.7)
    ruby-progressbar (1.10.1)
    sentry-raven (2.12.3)
      faraday (>= 0.7.6, < 1.0)
    shellany (0.0.1)
    thor (0.20.3)
    unicode-display_width (1.6.0)

PLATFORMS
  ruby

DEPENDENCIES
  addressable
  fauna
  guard-rspec
  htmldiff
  mailgun
  pry-moves
  rake
  rex-mime
  rspec
  rubocop
  sentry-raven

RUBY VERSION
   ruby 2.5.7p206

BUNDLED WITH
   2.0.2
